PATH
  remote: .
  specs:
    bitset_bm (1.0.0)

GEM
  remote: https://rubygems.org/
  specs:
    diff-lcs (1.2.5)
    rake (10.3.2)
    rake-compiler (0.9.2)
      rake
    rspec (2.99.0)
      rspec-core (~> 2.99.0)
      rspec-expectations (~> 2.99.0)
      rspec-mocks (~> 2.99.0)
    rspec-core (2.99.1)
    rspec-expectations (2.99.2)
      diff-lcs (>= 1.1.3, < 2.0)
    rspec-mocks (2.99.2)

PLATFORMS
  ruby

DEPENDENCIES
  bitset_bm!
  rake (~> 10.1)
  rake-compiler (~> 0.9, >= 0.9.2)
  rspec (~> 2.0)
